PATH
  remote: .
  specs:
    attachment_magick (0.3.3)
      dragonfly (>= 0.9.5)
      jquery-rails (>= 0.2.7)
      marcosinger-auto_html (>= 1.3.6)
      marcosinger-css_parser (>= 1.3.0)
      rack-cache (>= 1.0)

GEM
  remote: http://rubygems.org/
  specs:
    RedCloth (4.2.9)
    actionmailer (3.1.3)
      actionpack (= 3.1.3)
      mail (~> 2.3.0)
    actionpack (3.1.3)
      activemodel (= 3.1.3)
      activesupport (= 3.1.3)
      builder (~> 3.0.0)
      erubis (~> 2.7.0)
      i18n (~> 0.6)
      rack (~> 1.3.5)
      rack-cache (~> 1.1)
      rack-mount (~> 0.8.2)
      rack-test (~> 0.6.1)
      sprockets (~> 2.0.3)
    activemodel (3.1.3)
      activesupport (= 3.1.3)
      builder (~> 3.0.0)
      i18n (~> 0.6)
    activerecord (3.1.3)
      activemodel (= 3.1.3)
      activesupport (= 3.1.3)
      arel (~> 2.2.1)
      tzinfo (~> 0.3.29)
    activeresource (3.1.3)
      activemodel (= 3.1.3)
      activesupport (= 3.1.3)
    activesupport (3.1.3)
      multi_json (~> 1.0)
    archive-tar-minitar (0.5.2)
    arel (2.2.1)
    bson (1.5.1)
    bson_ext (1.5.1)
    builder (3.0.0)
    capybara (1.1.2)
      mime-types (>= 1.16)
      nokogiri (>= 1.3.3)
      rack (>= 1.0.0)
      rack-test (>= 0.5.4)
      selenium-webdriver (~> 2.0)
      xpath (~> 0.1.4)
    childprocess (0.2.3)
      ffi (~> 1.0.6)
    colorific (1.0.2)
      minitest (~> 2.8.0)
      ruby-progressbar (~> 0.0.10)
    columnize (0.3.5)
    dragonfly (0.9.8)
      rack
    erubis (2.7.0)
    ffi (1.0.11)
    hike (1.2.1)
    hpricot (0.8.5)
    i18n (0.6.0)
    jquery-rails (1.0.19)
      railties (~> 3.0)
      thor (~> 0.14)
    json (1.6.3)
    linecache19 (0.5.12)
      ruby_core_source (>= 0.1.4)
    mail (2.3.0)
      i18n (>= 0.4.0)
      mime-types (~> 1.16)
      treetop (~> 1.4.8)
    marcosinger-auto_html (1.3.6)
      RedCloth
      hpricot (>= 0.8.4)
      redcarpet
      rinku
      tag_helper
    marcosinger-css_parser (1.3.0)
    mime-types (1.17.2)
    minitest (2.8.1)
    mongo (1.5.1)
      bson (= 1.5.1)
    mongoid (2.3.4)
      activemodel (~> 3.1)
      mongo (~> 1.3)
      tzinfo (~> 0.3.22)
    multi_json (1.0.4)
    nokogiri (1.5.0)
    polyglot (0.3.3)
    rack (1.3.5)
    rack-cache (1.1)
      rack (>= 0.4)
    rack-mount (0.8.3)
      rack (>= 1.0.0)
    rack-ssl (1.3.2)
      rack
    rack-test (0.6.1)
      rack (>= 1.0)
    rails (3.1.3)
      actionmailer (= 3.1.3)
      actionpack (= 3.1.3)
      activerecord (= 3.1.3)
      activeresource (= 3.1.3)
      activesupport (= 3.1.3)
      bundler (~> 1.0)
      railties (= 3.1.3)
    railties (3.1.3)
      actionpack (= 3.1.3)
      activesupport (= 3.1.3)
      rack-ssl (~> 1.3.2)
      rake (>= 0.8.7)
      rdoc (~> 3.4)
      thor (~> 0.14.6)
    rake (0.9.2.2)
    rdoc (3.11)
      json (~> 1.4)
    redcarpet (2.0.1)
    rinku (1.5.0)
    ruby-debug-base19 (0.11.25)
      columnize (>= 0.3.1)
      linecache19 (>= 0.5.11)
      ruby_core_source (>= 0.1.4)
    ruby-debug19 (0.11.6)
      columnize (>= 0.3.1)
      linecache19 (>= 0.5.11)
      ruby-debug-base19 (>= 0.11.19)
    ruby-progressbar (0.0.10)
    ruby_core_source (0.1.5)
      archive-tar-minitar (>= 0.5.2)
    rubyzip (0.9.5)
    selenium-webdriver (2.15.0)
      childprocess (>= 0.2.1)
      ffi (~> 1.0.9)
      multi_json (~> 1.0.4)
      rubyzip
    simplecov (0.5.4)
      multi_json (~> 1.0.3)
      simplecov-html (~> 0.5.3)
    simplecov-html (0.5.3)
    sprockets (2.0.3)
      hike (~> 1.2)
      rack (~> 1.0)
      tilt (~> 1.1, != 1.3.0)
    sqlite3 (1.3.5)
    sqlite3-ruby (1.3.3)
      sqlite3 (>= 1.3.3)
    tag_helper (0.0.3)
    thor (0.14.6)
    tilt (1.3.3)
    treetop (1.4.10)
      polyglot
      polyglot (>= 0.3.1)
    tzinfo (0.3.31)
    xpath (0.1.4)
      nokogiri (~> 1.3)

PLATFORMS
  ruby

DEPENDENCIES
  attachment_magick!
  bson_ext (= 1.5.1)
  capybara (>= 1.0.1)
  colorific
  hpricot
  mime-types (>= 1.16)
  mongoid (= 2.3.4)
  nokogiri
  rails (= 3.1.3)
  ruby-debug19
  simplecov
  sqlite3-ruby
